GEM
  remote: https://rubygems.org/
  specs:
    rake (10.1.0)
    test-unit (2.5.5)

PLATFORMS
  ruby

DEPENDENCIES
  rake
  test-unit (~> 2.5.5)
